GEM
  remote: http://rubygems.org/
  specs:
    nokogiri (1.5.0)
    rake (0.8.7)

PLATFORMS
  ruby

DEPENDENCIES
  nokogiri (~> 1.5.0)
  rake (~> 0.8.7)
