GEM
  remote: http://rubygems.org/
  specs:
    awesome_print (1.0.2)
    nokogiri (1.5.0)
    rake (0.8.7)

PLATFORMS
  ruby

DEPENDENCIES
  awesome_print (~> 1.0.2)
  nokogiri (~> 1.5.0)
  rake (~> 0.8.7)
